GEM
  remote: https://rubygems.org/
  specs:
    classifier (1.3.4)
      fast-stemmer (>= 1.0.0)
    fast-stemmer (1.0.2)

PLATFORMS
  ruby

DEPENDENCIES
  classifier

BUNDLED WITH
   1.11.2
